GEM
  remote: http://rubygems.org/
  specs:
    command-builder (0.2.0)
      hash-utils (>= 0.18.0)
      pipe-run (>= 0.2.1)
    git (1.2.5)
    hash-utils (0.19.0)
    jeweler (1.6.4)
      bundler (~> 1.0)
      git (>= 1.2.5)
      rake
    pipe-run (0.2.1)
    rake (0.9.2)
    riot (0.12.5)
      rr
    rr (1.0.4)

PLATFORMS
  ruby

DEPENDENCIES
  bundler (>= 1.0.0)
  command-builder (>= 0.2.0)
  hash-utils (>= 0.8.0)
  jeweler (>= 1.5.2)
  riot (>= 0.12.3)
